GEM
  remote: https://rubygems.org/
  specs:
    childprocess (0.5.3)
      ffi (~> 1.0, >= 1.0.11)
    coderay (1.1.0)
    cuba (3.1.1)
      rack
    cuba-contrib (3.1.0)
      cuba (~> 3.1)
    dotenv (0.10.0)
    ffi (1.9.3)
    foreman (0.63.0)
      dotenv (>= 0.7)
      thor (>= 0.13.6)
    method_source (0.8.2)
    multi_json (1.10.1)
    pry (0.9.12.6)
      coderay (~> 1.0)
      method_source (~> 0.8)
      slop (~> 3.4)
    puma (2.8.2)
      rack (>= 1.1, < 2.0)
    rack (1.5.2)
    rack-protection (1.5.3)
      rack
    rake (10.3.0)
    redis (3.0.7)
    rubyzip (1.1.4)
    selenium-webdriver (2.42.0)
      childprocess (>= 0.5.0)
      multi_json (~> 1.0)
      rubyzip (~> 1.0)
      websocket (~> 1.0.4)
    slop (3.5.0)
    thor (0.19.1)
    tilt (2.0.0)
    websocket (1.0.7)

PLATFORMS
  ruby

DEPENDENCIES
  cuba
  cuba-contrib
  foreman
  pry
  puma
  rack-protection
  rake
  redis
  selenium-webdriver
  tilt
